GEM
  specs:
    rake (12.3.1)

PLATFORMS
  ruby

DEPENDENCIES
  rake

RUBY VERSION
   ruby 2.5.0p0

BUNDLED WITH
   1.16.1
